GEM
  remote: https://rubygems.org/
  specs:
    actioncable (6.0.6)
      actionpack (= 6.0.6)
      nio4r (~> 2.0)
      websocket-driver (>= 0.6.1)
    actionmailbox (6.0.6)
      actionpack (= 6.0.6)
      activejob (= 6.0.6)
      activerecord (= 6.0.6)
      activestorage (= 6.0.6)
      activesupport (= 6.0.6)
      mail (>= 2.7.1)
    actionmailer (6.0.6)
      actionpack (= 6.0.6)
      actionview (= 6.0.6)
      activejob (= 6.0.6)
      mail (~> 2.5, >= 2.5.4)
      rails-dom-testing (~> 2.0)
    actionpack (6.0.6)
      actionview (= 6.0.6)
      activesupport (= 6.0.6)
      rack (~> 2.0, >= 2.0.8)
      rack-test (>= 0.6.3)
      rails-dom-testing (~> 2.0)
      rails-html-sanitizer (~> 1.0, >= 1.2.0)
    actiontext (6.0.6)
      actionpack (= 6.0.6)
      activerecord (= 6.0.6)
      activestorage (= 6.0.6)
      activesupport (= 6.0.6)
      nokogiri (>= 1.8.5)
    actionview (6.0.6)
      activesupport (= 6.0.6)
      builder (~> 3.1)
      erubi (~> 1.4)
      rails-dom-testing (~> 2.0)
      rails-html-sanitizer (~> 1.1, >= 1.2.0)
    activejob (6.0.6)
      activesupport (= 6.0.6)
      globalid (>= 0.3.6)
    activemodel (6.0.6)
      activesupport (= 6.0.6)
    activerecord (6.0.6)
      activemodel (= 6.0.6)
      activesupport (= 6.0.6)
    activestorage (6.0.6)
      actionpack (= 6.0.6)
      activejob (= 6.0.6)
      activerecord (= 6.0.6)
      marcel (~> 1.0)
    activesupport (6.0.6)
      concurrent-ruby (~> 1.0, >= 1.0.2)
      i18n (>= 0.7, < 2)
      minitest (~> 5.1)
      tzinfo (~> 1.1)
      zeitwerk (~> 2.2, >= 2.2.2)
    addressable (2.8.1)
      public_suffix (>= 2.0.2, < 6.0)
    bcrypt (3.1.18)
    bindex (0.8.1)
    bootsnap (1.13.0)
      msgpack (~> 1.2)
    buftok (0.2.0)
    builder (3.2.4)
    byebug (11.1.3)
    coderay (1.1.3)
    concurrent-ruby (1.1.10)
    crass (1.0.6)
    database_cleaner-active_record (2.0.1)
      activerecord (>= 5.a)
      database_cleaner-core (~> 2.0.0)
    database_cleaner-core (2.0.1)
    devise (4.8.1)
      bcrypt (~> 3.0)
      orm_adapter (~> 0.1)
      railties (>= 4.1.0)
      responders
      warden (~> 1.2.3)
    diff-lcs (1.5.0)
    domain_name (0.5.20190701)
      unf (>= 0.0.5, < 1.0.0)
    equalizer (0.0.11)
    erubi (1.11.0)
    factory_bot (6.2.1)
      activesupport (>= 5.0.0)
    factory_bot_rails (6.2.0)
      factory_bot (~> 6.2.0)
      railties (>= 5.0.0)
    fast_jsonapi (1.5)
      activesupport (>= 4.2)
    ffi (1.15.5)
    ffi-compiler (1.0.1)
      ffi (>= 1.0.0)
      rake
    globalid (1.0.0)
      activesupport (>= 5.0)
    hashie (5.0.0)
    http (4.4.1)
      addressable (~> 2.3)
      http-cookie (~> 1.0)
      http-form_data (~> 2.2)
      http-parser (~> 1.2.0)
    http-cookie (1.0.5)
      domain_name (~> 0.5)
    http-form_data (2.3.0)
    http-parser (1.2.3)
      ffi-compiler (>= 1.0, < 2.0)
    http_parser.rb (0.6.0)
    i18n (1.12.0)
      concurrent-ruby (~> 1.0)
    jbuilder (2.11.5)
      actionview (>= 5.0.0)
      activesupport (>= 5.0.0)
    listen (3.1.5)
      rb-fsevent (~> 0.9, >= 0.9.4)
      rb-inotify (~> 0.9, >= 0.9.7)
      ruby_dep (~> 1.2)
    loofah (2.19.1)
      crass (~> 1.0.2)
      nokogiri (>= 1.5.9)
    mail (2.7.1)
      mini_mime (>= 0.1.1)
    marcel (1.0.2)
    memoizable (0.4.2)
      thread_safe (~> 0.3, >= 0.3.1)
    method_source (1.0.0)
    mini_mime (1.1.2)
    minitest (5.16.3)
    msgpack (1.6.0)
    multipart-post (2.2.3)
    naught (1.1.0)
    nio4r (2.5.8)
    nokogiri (1.13.10-arm64-darwin)
      racc (~> 1.4)
    nokogiri (1.13.10-x86_64-linux)
      racc (~> 1.4)
    oauth (1.1.0)
      oauth-tty (~> 1.0, >= 1.0.1)
      snaky_hash (~> 2.0)
      version_gem (~> 1.1)
    oauth-tty (1.0.5)
      version_gem (~> 1.1, >= 1.1.1)
    omniauth (2.1.0)
      hashie (>= 3.4.6)
      rack (>= 2.2.3)
      rack-protection
    omniauth-oauth (1.2.0)
      oauth
      omniauth (>= 1.0, < 3)
    omniauth-twitter (1.4.0)
      omniauth-oauth (~> 1.1)
      rack
    orm_adapter (0.5.0)
    pg (1.4.4)
    pry (0.14.1)
      coderay (~> 1.1)
      method_source (~> 1.0)
    public_suffix (5.0.0)
    puma (4.3.12)
      nio4r (~> 2.0)
    racc (1.6.1)
    rack (2.2.4)
    rack-protection (3.0.2)
      rack
    rack-proxy (0.7.4)
      rack
    rack-test (2.0.2)
      rack (>= 1.3)
    rails (6.0.6)
      actioncable (= 6.0.6)
      actionmailbox (= 6.0.6)
      actionmailer (= 6.0.6)
      actionpack (= 6.0.6)
      actiontext (= 6.0.6)
      actionview (= 6.0.6)
      activejob (= 6.0.6)
      activemodel (= 6.0.6)
      activerecord (= 6.0.6)
      activestorage (= 6.0.6)
      activesupport (= 6.0.6)
      bundler (>= 1.3.0)
      railties (= 6.0.6)
      sprockets-rails (>= 2.0.0)
    rails-dom-testing (2.0.3)
      activesupport (>= 4.2.0)
      nokogiri (>= 1.6)
    rails-html-sanitizer (1.4.4)
      loofah (~> 2.19, >= 2.19.1)
    railties (6.0.6)
      actionpack (= 6.0.6)
      activesupport (= 6.0.6)
      method_source
      rake (>= 0.8.7)
      thor (>= 0.20.3, < 2.0)
    rake (13.0.6)
    rb-fsevent (0.11.2)
    rb-inotify (0.10.1)
      ffi (~> 1.0)
    responders (3.0.1)
      actionpack (>= 5.0)
      railties (>= 5.0)
    rspec-core (3.12.0)
      rspec-support (~> 3.12.0)
    rspec-expectations (3.12.0)
      diff-lcs (>= 1.2.0, < 2.0)
      rspec-support (~> 3.12.0)
    rspec-mocks (3.12.0)
      diff-lcs (>= 1.2.0, < 2.0)
      rspec-support (~> 3.12.0)
    rspec-rails (4.0.2)
      actionpack (>= 4.2)
      activesupport (>= 4.2)
      railties (>= 4.2)
      rspec-core (~> 3.10)
      rspec-expectations (~> 3.10)
      rspec-mocks (~> 3.10)
      rspec-support (~> 3.10)
    rspec-support (3.12.0)
    ruby_dep (1.5.0)
    sass-rails (6.0.0)
      sassc-rails (~> 2.1, >= 2.1.1)
    sassc (2.3.0)
      ffi (~> 1.9)
    sassc-rails (2.1.2)
      railties (>= 4.0.0)
      sassc (>= 2.0)
      sprockets (> 3.0)
      sprockets-rails
      tilt
    semantic_range (3.0.0)
    simple_oauth (0.3.1)
    snaky_hash (2.0.1)
      hashie
      version_gem (~> 1.1, >= 1.1.1)
    spring (2.1.1)
    spring-watcher-listen (2.0.1)
      listen (>= 2.7, < 4.0)
      spring (>= 1.2, < 3.0)
    sprockets (4.1.1)
      concurrent-ruby (~> 1.0)
      rack (> 1, < 3)
    sprockets-rails (3.4.2)
      actionpack (>= 5.2)
      activesupport (>= 5.2)
      sprockets (>= 3.0.0)
    thor (1.2.1)
    thread_safe (0.3.6)
    tilt (2.0.11)
    twitter (7.0.0)
      addressable (~> 2.3)
      buftok (~> 0.2.0)
      equalizer (~> 0.0.11)
      http (~> 4.0)
      http-form_data (~> 2.0)
      http_parser.rb (~> 0.6.0)
      memoizable (~> 0.4.0)
      multipart-post (~> 2.0)
      naught (~> 1.0)
      simple_oauth (~> 0.3.0)
    tzinfo (1.2.10)
      thread_safe (~> 0.1)
    unf (0.1.4)
      unf_ext
    unf_ext (0.0.8.2)
    version_gem (1.1.1)
    warden (1.2.9)
      rack (>= 2.0.9)
    web-console (4.2.0)
      actionview (>= 6.0.0)
      activemodel (>= 6.0.0)
      bindex (>= 0.4.0)
      railties (>= 6.0.0)
    webpacker (5.4.3)
      activesupport (>= 5.2)
      rack-proxy (>= 0.6.1)
      railties (>= 5.2)
      semantic_range (>= 2.3.0)
    websocket-driver (0.7.5)
      websocket-extensions (>= 0.1.0)
    websocket-extensions (0.1.5)
    zeitwerk (2.6.6)

PLATFORMS
  arm64-darwin-21
  x86_64-linux

DEPENDENCIES
  bootsnap (>= 1.4.2)
  byebug
  database_cleaner-active_record
  devise
  factory_bot_rails
  fast_jsonapi
  http-parser (~> 1.2.3)
  jbuilder (~> 2.7)
  listen (>= 3.0.5, < 3.2)
  omniauth
  omniauth-twitter
  pg (>= 0.18, < 2.0)
  pry
  puma (~> 4.1)
  rails (~> 6.0.2, >= 6.0.2.1)
  rspec-rails (~> 4.0.0)
  sass-rails (>= 6)
  sassc (~> 2.3.0)
  spring
  spring-watcher-listen (~> 2.0.0)
  twitter
  tzinfo-data
  web-console (>= 3.3.0)
  webpacker (~> 5.0)

RUBY VERSION
   ruby 2.7.6p219

BUNDLED WITH
   2.3.25
